GEM
  remote: https://rubygems.org/
  specs:
    minitest (5.25.1)

PLATFORMS
  ruby

DEPENDENCIES
  minitest (~> 5.25.1)

BUNDLED WITH
   2.1.4
